GEM
  remote: https://rubygems.org/
  specs:
    addressable (2.8.7)
      public_suffix (>= 2.0.2, < 7.0)
    base64 (0.3.0)
    clamp (1.3.2)
    colsole (1.0.0)
    docopt_ng (0.7.1)
    domain_name (0.6.20240107)
    ffi (1.17.2-x86_64-linux-gnu)
    ffi-compiler (1.3.2)
      ffi (>= 1.15.5)
      rake
    filewatcher (2.1.0)
      module_methods (~> 0.1.0)
    filewatcher-cli (1.1.0)
      clamp (~> 1.3)
      filewatcher (~> 2.1)
    foreman (0.88.1)
    http (5.3.1)
      addressable (~> 2.8)
      http-cookie (~> 1.0)
      http-form_data (~> 2.2)
      llhttp-ffi (~> 0.5.0)
    http-cookie (1.0.8)
      domain_name (~> 0.5)
    http-form_data (2.3.0)
    httpme (0.2.2)
      colsole (>= 0.8.1, < 2)
      mister_bin (~> 0.7)
      puma (>= 5.6, < 7.0)
      rack-contrib (~> 2.3)
      sinatra (>= 3.0, < 5)
    llhttp-ffi (0.5.1)
      ffi-compiler (~> 1.0)
      rake (~> 13.0)
    logger (1.7.0)
    mister_bin (0.8.1)
      colsole (>= 0.8.1, < 2)
      docopt_ng (~> 0.7, >= 0.7.1)
    module_methods (0.1.0)
    mustermann (3.0.3)
      ruby2_keywords (~> 0.0.1)
    nio4r (2.7.4)
    nokogiri (1.18.8-x86_64-linux-gnu)
      racc (~> 1.4)
    public_suffix (6.0.2)
    puma (6.6.0)
      nio4r (~> 2.0)
    racc (1.8.1)
    rack (3.1.16)
    rack-contrib (2.5.0)
      rack (< 4)
    rack-protection (4.1.1)
      base64 (>= 0.1.0)
      logger (>= 1.6.0)
      rack (>= 3.0.0, < 4)
    rack-session (2.1.1)
      base64 (>= 0.1.0)
      rack (>= 3.0.0)
    rake (13.3.0)
    ruby2_keywords (0.0.5)
    sinatra (4.1.1)
      logger (>= 1.6.0)
      mustermann (~> 3.0)
      rack (>= 3.0.0, < 4)
      rack-protection (= 4.1.1)
      rack-session (>= 2.0.0, < 3)
      tilt (~> 2.0)
    sla (0.3.7)
      colsole (>= 0.8.1, < 2)
      mister_bin (~> 0.7)
      nokogiri (~> 1.10)
      webcache (~> 0.8)
    tilt (2.6.0)
    webcache (0.9.0)
      http (~> 5.0)

PLATFORMS
  x86_64-linux

DEPENDENCIES
  filewatcher-cli
  foreman
  httpme
  sla

BUNDLED WITH
   2.6.9
