GEM
  remote: https://rubygems.org/
  specs:
    addressable (2.8.5)
      public_suffix (>= 2.0.2, < 6.0)
    clamp (1.3.2)
    colsole (1.0.0)
    docopt_ng (0.7.1)
    domain_name (0.5.20190701)
      unf (>= 0.0.5, < 1.0.0)
    ffi (1.15.5)
    ffi-compiler (1.0.1)
      ffi (>= 1.0.0)
      rake
    filewatcher (2.1.0)
      module_methods (~> 0.1.0)
    filewatcher-cli (1.1.0)
      clamp (~> 1.3)
      filewatcher (~> 2.1)
    foreman (0.87.2)
    http (5.1.1)
      addressable (~> 2.8)
      http-cookie (~> 1.0)
      http-form_data (~> 2.2)
      llhttp-ffi (~> 0.4.0)
    http-cookie (1.0.5)
      domain_name (~> 0.5)
    http-form_data (2.3.0)
    httpme (0.2.1)
      colsole (>= 0.8.1, < 2)
      mister_bin (~> 0.7)
      puma (>= 5.6, < 7.0)
      rack-contrib (~> 2.3)
      sinatra (~> 3.0)
    llhttp-ffi (0.4.0)
      ffi-compiler (~> 1.0)
      rake (~> 13.0)
    mister_bin (0.7.6)
      colsole (>= 0.8.1, < 2)
      docopt_ng (~> 0.7, >= 0.7.1)
    module_methods (0.1.0)
    mustermann (3.0.0)
      ruby2_keywords (~> 0.0.1)
    nio4r (2.5.9)
    nokogiri (1.15.3-x86_64-linux)
      racc (~> 1.4)
    public_suffix (5.0.3)
    puma (6.3.0)
      nio4r (~> 2.0)
    racc (1.7.1)
    rack (2.2.8)
    rack-contrib (2.3.0)
      rack (~> 2.0)
    rack-protection (3.0.6)
      rack
    rake (13.0.6)
    ruby2_keywords (0.0.5)
    sinatra (3.0.6)
      mustermann (~> 3.0)
      rack (~> 2.2, >= 2.2.4)
      rack-protection (= 3.0.6)
      tilt (~> 2.0)
    sla (0.3.7)
      colsole (>= 0.8.1, < 2)
      mister_bin (~> 0.7)
      nokogiri (~> 1.10)
      webcache (~> 0.8)
    tilt (2.2.0)
    unf (0.1.4)
      unf_ext
    unf_ext (0.0.8.2)
    webcache (0.9.0)
      http (~> 5.0)

PLATFORMS
  x86_64-linux

DEPENDENCIES
  filewatcher-cli
  foreman
  httpme
  sla

BUNDLED WITH
   2.4.18
